GEM
  remote: https://rubygems.org/
  specs:
    rake (12.3.1)
    thor (0.19.4)

PLATFORMS
  ruby

DEPENDENCIES
  rake
  thor

RUBY VERSION
   ruby 2.4.2p198

BUNDLED WITH
   1.15.4
