GEM
  remote: https://rubygems.org/
  specs:
    rake (13.1.0)
    thor (1.3.1)

PLATFORMS
  ruby

DEPENDENCIES
  rake
  thor

BUNDLED WITH
   1.17.2
