GEM
  remote: https://rubygems.org/
  specs:
    rake (13.0.5)
    thor (1.1.0)

PLATFORMS
  ruby

DEPENDENCIES
  rake
  thor

BUNDLED WITH
   1.17.2
