GEM
  remote: https://rubygems.org/
  specs:
    rake (12.3.3)
    thor (0.20.3)

PLATFORMS
  ruby

DEPENDENCIES
  rake
  thor

BUNDLED WITH
   1.17.2
