GEM
  remote: https://rubygems.org/
  specs:
    rake (13.0.6)
    thor (1.2.1)

PLATFORMS
  ruby

DEPENDENCIES
  rake
  thor

BUNDLED WITH
   1.17.2
